GIT
  remote: https://github.com/Singlespot/odbc_adapter.git
  revision: a8066022d88ab7b136e87b5abe91a1d8f3bffedf
  specs:
    odbc_adapter (5.0.6)
      activerecord (>= 5.0.1)
      ruby-odbc (~> 0.9)

GEM
  remote: https://rubygems.org/
  specs:
    activemodel (6.1.3.1)
      activesupport (= 6.1.3.1)
    activerecord (6.1.3.1)
      activemodel (= 6.1.3.1)
      activesupport (= 6.1.3.1)
    activesupport (6.1.3.1)
      concurrent-ruby (~> 1.0, >= 1.0.2)
      i18n (>= 1.6, < 2)
      minitest (>= 5.1)
      tzinfo (~> 2.0)
      zeitwerk (~> 2.3)
    concurrent-ruby (1.1.8)
    i18n (1.8.10)
      concurrent-ruby (~> 1.0)
    minitest (5.14.4)
    ruby-odbc (0.999991)
    tzinfo (2.0.4)
      concurrent-ruby (~> 1.0)
    zeitwerk (2.4.2)

PLATFORMS
  ruby

DEPENDENCIES
  activerecord
  odbc_adapter!

RUBY VERSION
   ruby 2.7.2p137

BUNDLED WITH
   2.1.4
